{
  "TaskName": "ses-06-task-walk6min",
  "SamplingFrequency": 100,
  "PowerLineFrequency": 60,
  "EEGReference": "Ref",
  "EEGGround": "Gnd",
  "EEGPlacementScheme": "10-20",
  "EEGChannelCount": 60,
  "EOGChannelCount": 4,
  "Manufacturer": "MOVE System",
  "CapManufacturer": "actiCAP",
  "SoftwareFilters": "n/a",
  "RecordingType": "continuous",
  "RecordingDuration": 375.14,
  "TaskDescription": "Recorded on: 2015-11-04 during \"ses-06-task-walk6min\""
}