{
  "TaskName": "ses-08-task-stop6min",
  "SamplingFrequency": 100,
  "PowerLineFrequency": 60,
  "EEGReference": "Ref",
  "EEGGround": "Gnd",
  "EEGPlacementScheme": "10-20",
  "EEGChannelCount": 60,
  "EOGChannelCount": 4,
  "Manufacturer": "MOVE System",
  "CapManufacturer": "actiCAP",
  "SoftwareFilters": "n/a",
  "RecordingType": "continuous",
  "RecordingDuration": 375.16,
  "TaskDescription": "Recorded on: 2018-11-20 during \"ses-08-task-stop6min\""
}