{
  "TaskName": "ses-03-task-trial12",
  "SamplingFrequency": 100,
  "PowerLineFrequency": 60,
  "EEGReference": "Ref",
  "EEGGround": "Gnd",
  "EEGPlacementScheme": "10-20",
  "EEGChannelCount": 60,
  "EOGChannelCount": 4,
  "Manufacturer": "MOVE System",
  "CapManufacturer": "actiCAP",
  "SoftwareFilters": "n/a",
  "RecordingType": "continuous",
  "RecordingDuration": 59.21,
  "TaskDescription": "Recorded on: 2015-05-01 during \"ses-03-task-trial12\""
}