{
  "TaskName": "ses-02-task-trial11",
  "SamplingFrequency": 100,
  "PowerLineFrequency": 60,
  "EEGReference": "Ref",
  "EEGGround": "Gnd",
  "EEGPlacementScheme": "10-20",
  "EEGChannelCount": 60,
  "EOGChannelCount": 4,
  "Manufacturer": "MOVE System",
  "CapManufacturer": "actiCAP",
  "SoftwareFilters": "n/a",
  "RecordingType": "continuous",
  "RecordingDuration": 59.21,
  "TaskDescription": "Recorded on: 2015-04-29 during \"ses-02-task-trial11\""
}