{
  "TaskName": "ses-03-task-trial07",
  "SamplingFrequency": 100,
  "PowerLineFrequency": 60,
  "EEGReference": "Ref",
  "EEGGround": "Gnd",
  "EEGPlacementScheme": "10-20",
  "EEGChannelCount": 60,
  "EOGChannelCount": 4,
  "Manufacturer": "MOVE System",
  "CapManufacturer": "actiCAP",
  "SoftwareFilters": "n/a",
  "RecordingType": "continuous",
  "RecordingDuration": 117.2,
  "TaskDescription": "Recorded on: 2015-06-25 during \"ses-03-task-trial07\""
}